GEM
  remote: https://rubygems.org/
  specs:
    activemodel (3.2.17)
      activesupport (= 3.2.17)
      builder (~> 3.0.0)
    activerecord (3.2.17)
      activemodel (= 3.2.17)
      activesupport (= 3.2.17)
      arel (~> 3.0.2)
      tzinfo (~> 0.3.29)
    activesupport (3.2.17)
      i18n (~> 0.6, >= 0.6.4)
      multi_json (~> 1.0)
    arel (3.0.3)
    builder (3.0.4)
    i18n (0.6.9)
    metaclass (0.0.4)
    mocha (1.0.0)
      metaclass (~> 0.0.1)
    multi_json (1.9.2)
    sqlite3 (1.3.9)
    test_declarative (0.0.5)
    tzinfo (0.3.39)

PLATFORMS
  ruby

DEPENDENCIES
  activerecord (~> 3.x)
  activesupport (~> 3.x)
  i18n
  mocha
  sqlite3
  test_declarative
